GEM
  remote: http://rubygems.org/
  specs:
    backports (2.6.2)
    httpclient (2.2.5)

PLATFORMS
  ruby

DEPENDENCIES
  backports
  httpclient
