GEM
  remote: http://rubygems.org/
  specs:
    args_parser (0.1.2)
    backports (2.6.5)
    faraday (0.8.4)
      multipart-post (~> 1.1)
    ffi (1.1.5)
    hashie (1.2.0)
    json (1.7.5)
    multi_json (1.3.7)
    multipart-post (1.1.5)
    oauth (0.4.7)
    parallel (0.5.19)
    rainbow (1.1.4)
    simple_oauth (0.1.9)
    sys-filesystem (1.0.0)
      ffi (>= 1.0.0)
    tw (0.3.7)
      args_parser (>= 0.1.2)
      json (>= 1.7.5, < 1.8.0)
      oauth (>= 0.4.7, < 1.0.0)
      parallel (>= 0.5.18, < 1.0.0)
      rainbow (>= 1.1.4, < 2.0.0)
      twitter (>= 4.0.0, < 5.0.0)
      userstream (>= 1.2.0, < 1.3.0)
    twitter (4.2.0)
      faraday (~> 0.8)
      multi_json (~> 1.3)
      simple_oauth (~> 0.1.6)
    userstream (1.2.2)
      hashie (~> 1.2.0)
      oauth (~> 0.4.6)

PLATFORMS
  ruby

DEPENDENCIES
  args_parser
  backports
  json
  sys-filesystem
  tw
