GEM
  remote: http://rubygems.org/
  specs:
    args_parser (0.0.2)
    backports (2.6.2)
    ffi (1.0.11)
    httpclient (2.2.5)
    sys-filesystem (1.0.0)
      ffi (>= 1.0.0)

PLATFORMS
  ruby

DEPENDENCIES
  args_parser
  backports
  ffi (< 1.1.0)
  httpclient
  sys-filesystem
