GEM
  remote: http://rubygems.org/
  specs:
    args_parser (0.0.2)
    backports (2.6.2)
    httpclient (2.2.5)

PLATFORMS
  ruby

DEPENDENCIES
  args_parser
  backports
  httpclient
