GEM
  remote: https://rubygems.org/
  specs:
    args_parser (0.1.4)
    backports (3.1.1)
    faraday (0.8.6)
      multipart-post (~> 1.1)
    ffi (1.4.0)
    hashie (1.2.0)
    json (1.7.7)
    multi_json (1.6.1)
    multipart-post (1.2.0)
    oauth (0.4.7)
    parallel (0.6.2)
    rainbow (1.1.4)
    simple_oauth (0.2.0)
    sys-filesystem (1.1.0)
      ffi
    tw (0.3.9)
      args_parser (>= 0.1.2)
      json (>= 1.7.0)
      parallel (>= 0.6.0)
      rainbow (>= 1.1.4)
      twitter (>= 4.4.0)
      userstream (>= 1.2.0)
    twitter (4.6.0)
      faraday (~> 0.8, < 0.10)
      multi_json (~> 1.0)
      simple_oauth (~> 0.2)
    userstream (1.3.0)
      hashie (~> 1.2.0)
      oauth (~> 0.4.7)
      yajl-ruby (~> 1.1.0)
    yajl-ruby (1.1.0)

PLATFORMS
  ruby

DEPENDENCIES
  args_parser
  backports
  json
  sys-filesystem
  tw
