GEM
  remote: http://rubygems.org/
  specs:
    args_parser (0.0.2)
    backports (2.6.2)
    ffi (1.1.1)
    httpclient (2.2.5)
    json (1.7.3)
    sys-filesystem (1.0.0)
      ffi (>= 1.0.0)

PLATFORMS
  ruby

DEPENDENCIES
  args_parser
  backports
  httpclient
  json
  sys-filesystem
